GEM
  remote: https://rubygems.org/
  specs:
    ast (2.4.2)
    diff-lcs (1.5.0)
    language_server-protocol (3.17.0.2)
    mechanize (1.0.0)
      nokogiri (>= 1.2.1)
    netrc (0.11.0)
    nokogiri (1.13.10-x86_64-linux)
      racc (~> 1.4)
    parallel (1.22.1)
    parser (3.1.3.0)
      ast (~> 2.4.1)
    prettier_print (1.2.0)
    racc (1.6.2)
    rbi (0.0.16)
      ast
      parser (>= 2.6.4.0)
      sorbet-runtime (>= 0.5.9204)
      unparser
    ruby-lsp (0.3.7)
      language_server-protocol (~> 3.17.0)
      sorbet-runtime
      syntax_tree (>= 4.0.2, < 5.0.0)
    sorbet (0.5.10598)
      sorbet-static (= 0.5.10598)
    sorbet-runtime (0.5.10598)
    sorbet-static (0.5.10598-x86_64-linux)
    sorbet-static-and-runtime (0.5.10598)
      sorbet (= 0.5.10598)
      sorbet-runtime (= 0.5.10598)
    spoom (1.1.15)
      sorbet (>= 0.5.10187)
      sorbet-runtime (>= 0.5.9204)
      thor (>= 0.19.2)
    syntax_tree (4.3.0)
      prettier_print (>= 1.0.2)
    tapioca (0.10.4)
      bundler (>= 1.17.3)
      netrc (>= 0.11.0)
      parallel (>= 1.21.0)
      rbi (~> 0.0.0, >= 0.0.16)
      sorbet-static-and-runtime (>= 0.5.10187)
      spoom (~> 1.1.0, >= 1.1.11)
      thor (>= 1.2.0)
      yard-sorbet
    thor (1.2.1)
    unparser (0.6.5)
      diff-lcs (~> 1.3)
      parser (>= 3.1.0)
    watchman (0.1.1)
      mechanize (= 1.0.0)
    webrick (1.7.0)
    yard (0.9.28)
      webrick (~> 1.7.0)
    yard-sorbet (0.7.0)
      sorbet-runtime (>= 0.5)
      yard (>= 0.9)

PLATFORMS
  x86_64-linux

DEPENDENCIES
  ruby-lsp (~> 0.3.7)
  sorbet
  sorbet-runtime
  tapioca
  watchman

BUNDLED WITH
   2.3.26
